GEM
  remote: https://rubygems.org/
  specs:
    addressable (2.5.1)
      public_suffix (~> 2.0, >= 2.0.2)
    capybara (2.13.0)
      addressable
      mime-types (>= 1.16)
      nokogiri (>= 1.3.3)
      rack (>= 1.0.0)
      rack-test (>= 0.5.4)
      xpath (~> 2.0)
    concurrent-ruby (1.0.5)
    connection_pool (2.2.1)
    crack (0.4.3)
      safe_yaml (~> 1.0.0)
    diff-lcs (1.3)
    docile (1.1.5)
    dotenv (2.2.0)
    dry-configurable (0.6.2)
      concurrent-ruby (~> 1.0)
    dry-container (0.6.0)
      concurrent-ruby (~> 1.0)
      dry-configurable (~> 0.1, >= 0.1.3)
    dry-core (0.2.4)
      concurrent-ruby (~> 1.0)
    dry-equalizer (0.2.0)
    dry-initializer (1.4.1)
    dry-logic (0.4.1)
      dry-container (~> 0.2, >= 0.2.6)
      dry-core (~> 0.2)
      dry-equalizer (~> 0.2)
    dry-struct (0.2.1)
      dry-configurable (~> 0.1)
      dry-equalizer (~> 0.2)
      dry-types (~> 0.9, >= 0.9.0)
      ice_nine (~> 0.11)
    dry-types (0.9.4)
      concurrent-ruby (~> 1.0)
      dry-configurable (~> 0.1)
      dry-container (~> 0.3)
      dry-core (~> 0.2, >= 0.2.1)
      dry-equalizer (~> 0.2)
      dry-logic (~> 0.4, >= 0.4.0)
      inflecto (~> 0.0.0, >= 0.0.2)
    dry-validation (0.10.5)
      concurrent-ruby (~> 1.0)
      dry-configurable (~> 0.1, >= 0.1.3)
      dry-core (~> 0.2, >= 0.2.1)
      dry-equalizer (~> 0.2)
      dry-logic (~> 0.4, >= 0.4.0)
      dry-types (~> 0.9, >= 0.9.0)
    et-orbi (1.0.2)
      tzinfo
    hanami (1.0.0)
      bundler (~> 1.13)
      concurrent-ruby (~> 1.0)
      hanami-assets (~> 1.0)
      hanami-controller (~> 1.0)
      hanami-helpers (~> 1.0)
      hanami-mailer (~> 1.0)
      hanami-router (~> 1.0)
      hanami-utils (~> 1.0)
      hanami-validations (~> 1.0)
      hanami-view (~> 1.0)
      thor (~> 0.19)
    hanami-assets (1.0.0)
      hanami-helpers (~> 1.0)
      hanami-utils (~> 1.0)
      tilt (~> 2.0, >= 2.0.2)
    hanami-bootstrap (0.4.0)
      hanami-assets (>= 0.2, < 2)
    hanami-controller (1.0.0)
      hanami-utils (~> 1.0)
      rack (~> 2.0)
    hanami-helpers (1.0.0)
      hanami-utils (~> 1.0)
    hanami-mailer (1.0.0)
      hanami-utils (~> 1.0)
      mail (~> 2.5)
      tilt (~> 2.0, >= 2.0.1)
    hanami-model (1.0.0)
      concurrent-ruby (~> 1.0)
      dry-types (~> 0.9)
      hanami-utils (~> 1.0)
      rom-repository (~> 1.3)
      rom-sql (~> 1.2)
    hanami-router (1.0.0)
      hanami-utils (~> 1.0)
      http_router (= 0.11.2)
      rack (~> 2.0)
    hanami-utils (1.0.0)
    hanami-validations (1.0.0)
      dry-validation (~> 0.10)
      hanami-utils (~> 1.0)
    hanami-view (1.0.0)
      hanami-utils (~> 1.0)
      tilt (~> 2.0, >= 2.0.1)
    hashdiff (0.3.2)
    hashie (3.5.5)
    hiredis (0.6.1)
    http_router (0.11.2)
      rack (>= 1.0.0)
      url_mount (~> 0.2.1)
    ice_nine (0.11.2)
    inflecto (0.0.2)
    json (2.0.3)
    mail (2.6.4)
      mime-types (>= 1.16, < 4)
    mime-types (3.1)
      mime-types-data (~> 3.2015)
    mime-types-data (3.2016.0521)
    mini_portile2 (2.1.0)
    mock_redis (0.17.2)
    nokogiri (1.7.1)
      mini_portile2 (~> 2.1.0)
    pg (0.20.0)
    public_suffix (2.0.5)
    puma (3.8.2)
    rack (2.0.1)
    rack-protection (1.5.3)
      rack
    rack-test (0.6.3)
      rack (>= 1.0)
    rake (12.0.0)
    redis (3.3.3)
    rom (3.2.0)
      concurrent-ruby (~> 1.0)
      dry-core (~> 0.2, >= 0.2.3)
      dry-equalizer (~> 0.2)
      dry-initializer (~> 1.3)
      dry-types (~> 0.9, >= 0.9.4)
      rom-mapper (~> 0.5)
    rom-mapper (0.5.0)
      dry-core (~> 0.2.3)
      dry-equalizer (~> 0.2)
      transproc (~> 1.0)
    rom-repository (1.3.1)
      dry-core (~> 0.2, >= 0.2.1)
      dry-struct (~> 0.1)
      rom (~> 3.2)
      rom-mapper (~> 0.5)
    rom-sql (1.2.2)
      dry-core (~> 0.2, >= 0.2.3)
      dry-equalizer (~> 0.2)
      dry-types (~> 0.9, >= 0.9.4)
      rom (~> 3.2)
      sequel (~> 4.43)
    rspec (3.5.0)
      rspec-core (~> 3.5.0)
      rspec-expectations (~> 3.5.0)
      rspec-mocks (~> 3.5.0)
    rspec-core (3.5.4)
      rspec-support (~> 3.5.0)
    rspec-expectations (3.5.0)
      diff-lcs (>= 1.2.0, < 2.0)
      rspec-support (~> 3.5.0)
    rspec-hanami (0.2.0)
      hanami
      rspec
    rspec-mocks (3.5.0)
      diff-lcs (>= 1.2.0, < 2.0)
      rspec-support (~> 3.5.0)
    rspec-support (3.5.0)
    rufus-scheduler (3.4.0)
      et-orbi (~> 1.0)
    safe_yaml (1.0.4)
    sass (3.4.23)
    sequel (4.45.0)
    shotgun (0.9.2)
      rack (>= 1.0)
    sidekiq (4.2.10)
      concurrent-ruby (~> 1.0)
      connection_pool (~> 2.2, >= 2.2.0)
      rack-protection (>= 1.5.0)
      redis (~> 3.2, >= 3.2.1)
    sidekiq-scheduler (2.1.2)
      hashie (~> 3.4)
      redis (~> 3)
      rufus-scheduler (~> 3.2)
      sidekiq (>= 3)
      tilt (>= 1.4.0)
    simplecov (0.14.1)
      docile (~> 1.1.0)
      json (>= 1.8, < 3)
      simplecov-html (~> 0.10.0)
    simplecov-html (0.10.0)
    slim (3.0.7)
      temple (~> 0.7.6)
      tilt (>= 1.3.3, < 2.1)
    temple (0.7.7)
    thor (0.19.4)
    thread_safe (0.3.6)
    tilt (2.0.7)
    transproc (1.0.2)
    tzinfo (1.2.3)
      thread_safe (~> 0.1)
    url_mount (0.2.1)
      rack
    vcr (3.0.3)
    webmock (2.3.2)
      addressable (>= 2.3.6)
      crack (>= 0.3.2)
      hashdiff
    xpath (2.0.0)
      nokogiri (~> 1.3)

PLATFORMS
  ruby

DEPENDENCIES
  capybara
  connection_pool
  dotenv (~> 2.0)
  hanami (= 1.0.0)
  hanami-bootstrap (= 0.4)
  hanami-model (= 1.0.0)
  hiredis
  mock_redis
  pg
  puma
  rake
  redis (~> 3.2)
  rspec
  rspec-hanami
  sass
  shotgun
  sidekiq
  sidekiq-scheduler
  simplecov
  slim
  vcr
  webmock

RUBY VERSION
   ruby 2.4.1p111

BUNDLED WITH
   1.14.6
